GEM
  remote: https://rubygems.org/
  specs:
    mini_portile (0.6.0)
    nokogiri (1.6.2.1)
      mini_portile (= 0.6.0)
    rack (1.5.2)

PLATFORMS
  ruby

DEPENDENCIES
  nokogiri (~> 1.6.2)
  rack
